GEM
  remote: http://rubygems.org/
  specs:
    addressable (2.8.7)
      public_suffix (>= 2.0.2, < 7.0)
    awesome_print (1.9.2)
    builder (3.3.0)
    byebug (11.1.3)
    capybara (3.40.0)
      addressable
      matrix
      mini_mime (>= 0.1.3)
      nokogiri (~> 1.11)
      rack (>= 1.6.0)
      rack-test (>= 0.6.3)
      regexp_parser (>= 1.5, < 3.0)
      xpath (~> 3.2)
    cucumber (8.0.0)
      builder (~> 3.2, >= 3.2.4)
      cucumber-ci-environment (~> 9.0, >= 9.0.4)
      cucumber-core (~> 11.0, >= 11.0.0)
      cucumber-cucumber-expressions (~> 15.1, >= 15.1.1)
      cucumber-gherkin (~> 23.0, >= 23.0.1)
      cucumber-html-formatter (~> 19.1, >= 19.1.0)
      cucumber-messages (~> 18.0, >= 18.0.0)
      diff-lcs (~> 1.5, >= 1.5.0)
      mime-types (~> 3.4, >= 3.4.1)
      multi_test (~> 1.1, >= 1.1.0)
      sys-uname (~> 1.2, >= 1.2.2)
    cucumber-ci-environment (9.2.0)
    cucumber-core (11.0.0)
      cucumber-gherkin (~> 23.0, >= 23.0.1)
      cucumber-messages (~> 18.0, >= 18.0.0)
      cucumber-tag-expressions (~> 4.1, >= 4.1.0)
    cucumber-cucumber-expressions (15.2.0)
    cucumber-gherkin (23.0.1)
      cucumber-messages (~> 18.0, >= 18.0.0)
    cucumber-html-formatter (19.2.0)
      cucumber-messages (~> 18.0, >= 18.0.0)
    cucumber-messages (18.0.0)
    cucumber-tag-expressions (4.1.0)
    diff-lcs (1.5.1)
    ffi (1.17.0)
    json (2.7.1)
    matrix (0.4.2)
    mime-types (3.5.2)
      mime-types-data (~> 3.2015)
    mime-types-data (3.2024.0702)
    mini_mime (1.1.5)
    mini_portile2 (2.8.7)
    multi_test (1.1.0)
    nokogiri (1.16.7)
      mini_portile2 (~> 2.8.2)
      racc (~> 1.4)
    parallel (1.24.0)
    parallel_tests (4.5.2)
      parallel
    public_suffix (6.0.1)
    racc (1.8.1)
    rack (3.1.7)
    rack-test (2.1.0)
      rack (>= 1.3)
    regexp_parser (2.9.2)
    report_builder (1.9)
      json (>= 2.3.0)
    rexml (3.3.4)
      strscan
    rspec (3.10.0)
      rspec-core (~> 3.10.0)
      rspec-expectations (~> 3.10.0)
      rspec-mocks (~> 3.10.0)
    rspec-core (3.10.2)
      rspec-support (~> 3.10.0)
    rspec-expectations (3.10.2)
      diff-lcs (>= 1.2.0, < 2.0)
      rspec-support (~> 3.10.0)
    rspec-mocks (3.10.3)
      diff-lcs (>= 1.2.0, < 2.0)
      rspec-support (~> 3.10.0)
    rspec-support (3.10.3)
    ruby-oci8 (2.2.12)
    rubyzip (2.3.2)
    selenium-webdriver (4.10.0)
      rexml (~> 3.2, >= 3.2.5)
      rubyzip (>= 1.2.2, < 3.0)
      websocket (~> 1.0)
    site_prism (5.0.3)
      addressable (~> 2.8, >= 2.8.4)
      capybara (~> 3.32)
      site_prism-all_there (> 2, < 5)
    site_prism-all_there (3.0.5)
    strscan (3.1.0)
    sys-uname (1.3.0)
      ffi (~> 1.1)
    timecop (0.9.8)
    webdrivers (5.3.1)
      nokogiri (~> 1.6)
      rubyzip (>= 1.3.0)
      selenium-webdriver (~> 4.0, < 4.11)
    websocket (1.2.11)
    xpath (3.2.0)
      nokogiri (~> 1.8)

PLATFORMS
  ruby

DEPENDENCIES
  awesome_print (~> 1.9.2)
  builder (~> 3.2)
  byebug (~> 11.1.0)
  capybara (~> 3.39)
  cucumber (~> 8.0)
  parallel_tests
  report_builder (~> 1.9)
  rspec (~> 3.10.0)
  ruby-oci8 (~> 2.2.12)
  selenium-webdriver (~> 4.9, >= 4.9.1)
  site_prism (~> 5.0.3)
  timecop (~> 0.9.8)
  webdrivers (~> 5.3)

BUNDLED WITH
   2.5.17
