GEM
  remote: https://rubygems.org/
  specs:
    connection_pool (2.5.0)
    petname (0.0.1)
    redis (5.3.0)
      redis-client (>= 0.22.0)
    redis-client (0.23.2)
      connection_pool

PLATFORMS
  ruby
  x86_64-darwin-23

DEPENDENCIES
  petname
  redis

BUNDLED WITH
   2.5.17